GEM
  remote: https://rubygems.org/
  specs:
    pg (0.18.4)
    rack (1.6.5)
    rack-protection (1.5.3)
      rack
    sinatra (1.4.8)
      rack (~> 1.5)
      rack-protection (~> 1.4)
      tilt (>= 1.3, < 3)
    tilt (2.0.7)

PLATFORMS
  ruby

DEPENDENCIES
  pg (~> 0.18.4)
  sinatra (~> 1.4.0)

RUBY VERSION
   ruby 2.2.5p319

BUNDLED WITH
   1.14.6
